GEM
  remote: https://rubygems.org/
  specs:
    gosu (0.7.26.1)

PLATFORMS
  ruby

DEPENDENCIES
  gosu
